PATH
  remote: .
  specs:
    rails_client_checker (0.0.1)

GEM
  remote: https://rubygems.org/
  specs:
    rake (0.9.6)

PLATFORMS
  ruby

DEPENDENCIES
  bundler (~> 1.3)
  rails_client_checker!
  rake (~> 0)

BUNDLED WITH
   1.12.5
